NUGET
  remote: https://nuget.org/api/v2
  specs:
    CommonServiceLocator (1.3) - framework: monoandroid
    FAKE (3.23.0)
    FSharp.Compiler.Service (0.0.86)
    FSharp.Formatting (2.7.5)
      FSharp.Compiler.Service (>= 0.0.82)
      FSharpVSPowerTools.Core (>= 1.7.0)
    FSharpVSPowerTools.Core (1.7.0)
      FSharp.Compiler.Service (>= 0.0.81)
    Microsoft.AspNet.Razor (2.0.30506.0)
    Microsoft.CodeAnalysis (1.0.0-rc1)
      Microsoft.CodeAnalysis.CSharp.Workspaces (1.0.0-rc1)
      Microsoft.CodeAnalysis.VisualBasic.Workspaces (1.0.0-rc1)
    Microsoft.CodeAnalysis.Analyzers (1.0.0-rc1)
    Microsoft.CodeAnalysis.Common (1.0.0-rc1)
      Microsoft.CodeAnalysis.Analyzers (1.0.0-rc1)
      System.Collections.Immutable (1.1.33-beta)
      System.Reflection.Metadata (1.0.18-beta)
    Microsoft.CodeAnalysis.CSharp (1.0.0-rc1)
      Microsoft.CodeAnalysis.Common (1.0.0-rc1)
    Microsoft.CodeAnalysis.CSharp.Workspaces (1.0.0-rc1)
      Microsoft.CodeAnalysis.CSharp (1.0.0-rc1)
      Microsoft.CodeAnalysis.Workspaces.Common (1.0.0-rc1)
    Microsoft.CodeAnalysis.VisualBasic (1.0.0-rc1)
      Microsoft.CodeAnalysis.Common (>= 1.0.0-rc1)
    Microsoft.CodeAnalysis.VisualBasic.Workspaces (1.0.0-rc1)
      Microsoft.CodeAnalysis.VisualBasic (1.0.0-rc1)
      Microsoft.CodeAnalysis.Workspaces.Common (1.0.0-rc1)
    Microsoft.CodeAnalysis.Workspaces.Common (1.0.0-rc1)
      Microsoft.CodeAnalysis.Common (1.0.0-rc1)
      Microsoft.Composition (>= 1.0.27)
    Microsoft.Composition (1.0.30)
    Moq (4.2.1502.0911)
    NuGet.CommandLine (2.8.3)
    NUnit (2.6.3)
    NUnit.Runners (2.6.4)
    System.Collections.Immutable (1.1.33-beta)
    System.Reflection.Metadata (1.0.18-beta)
      System.Collections.Immutable (>= 1.1.33-beta)
    Unity (3.5.1404.0)
      CommonServiceLocator (>= 1.2.0) - framework: monoandroid, winv4.5
    Yaaf.AdvancedBuilding (0.5.0)
      FAKE (3.23.0)
      FSharp.Compiler.Service (0.0.86)
      FSharp.Formatting (2.7.5)
      FSharpVSPowerTools.Core (1.7.0)
